NUGET
  remote: https://www.nuget.org/api/v2
    Unic.Bob.Keith (2.0.2)
    Unic.Bob.Rubble (3.0.1)
    Unic.Bob.Trix (2.0)
    Unic.Bob.Wendy (3.0.1)
